PATH
  remote: .
  specs:
    lorj (0.2.0)
      ansi (>= 1.4.3)
      encryptor (= 1.3.0)
      highline (~> 1.6.21)

GEM
  remote: https://rubygems.org/
  specs:
    ansi (1.4.3)
    diff-lcs (1.2.5)
    encryptor (1.3.0)
    highline (1.6.21)
    rake (10.4.2)
    rspec (3.1.0)
      rspec-core (~> 3.1.0)
      rspec-expectations (~> 3.1.0)
      rspec-mocks (~> 3.1.0)
    rspec-core (3.1.7)
      rspec-support (~> 3.1.0)
    rspec-expectations (3.1.2)
      diff-lcs (>= 1.2.0, < 2.0)
      rspec-support (~> 3.1.0)
    rspec-mocks (3.1.3)
      rspec-support (~> 3.1.0)
    rspec-support (3.1.2)

PLATFORMS
  ruby

DEPENDENCIES
  bundler
  lorj!
  rake (~> 10.0)
  rspec (~> 3.1.0)
